PATH
  remote: .
  specs:
    civicrm (1.0.1)
      activemodel
      activesupport
      dalli
      nokogiri
      rest-client (~> 1.4)

GEM
  remote: https://rubygems.org/
  specs:
    activemodel (4.0.0)
      activesupport (= 4.0.0)
      builder (~> 3.1.0)
    activesupport (4.0.0)
      i18n (~> 0.6, >= 0.6.4)
      minitest (~> 4.2)
      multi_json (~> 1.3)
      thread_safe (~> 0.1)
      tzinfo (~> 0.3.37)
    atomic (1.1.12)
    builder (3.1.4)
    dalli (2.6.4)
    diff-lcs (1.2.1)
    i18n (0.6.4)
    metaclass (0.0.1)
    mime-types (1.23)
    mini_portile (0.5.1)
    minitest (4.7.5)
    mocha (0.10.5)
      metaclass (~> 0.0.1)
    multi_json (1.7.8)
    nokogiri (1.6.0)
      mini_portile (~> 0.5.0)
    rake (10.0.3)
    rest-client (1.6.7)
      mime-types (>= 1.16)
    rspec (2.13.0)
      rspec-core (~> 2.13.0)
      rspec-expectations (~> 2.13.0)
      rspec-mocks (~> 2.13.0)
    rspec-core (2.13.1)
    rspec-expectations (2.13.0)
      diff-lcs (>= 1.1.3, < 2.0)
    rspec-mocks (2.13.0)
    thread_safe (0.1.2)
      atomic
    tzinfo (0.3.37)

PLATFORMS
  ruby

DEPENDENCIES
  civicrm!
  mocha
  rake
  rspec
